GEM
  remote: https://rubygems.org/
  specs:
    ffi (1.13.1)
    google-protobuf (3.12.2)

PLATFORMS
  ruby

DEPENDENCIES
  ffi
  google-protobuf

RUBY VERSION
   ruby 2.7.1p83

BUNDLED WITH
   2.1.4
