PATH
  remote: .
  specs:
    fbcrawl-colly (0.2.5)
      google-protobuf
      grpc

GEM
  remote: https://rubygems.org/
  specs:
    google-protobuf (3.13.0)
    googleapis-common-protos-types (1.0.5)
      google-protobuf (~> 3.11)
    grpc (1.30.2)
      google-protobuf (~> 3.12)
      googleapis-common-protos-types (~> 1.0)
    minitest (5.14.1)
    rake (12.3.3)

PLATFORMS
  ruby

DEPENDENCIES
  fbcrawl-colly!
  grpc
  minitest (~> 5.0)
  rake (~> 12.0)

BUNDLED WITH
   2.1.4
